GIT
  remote: git://github.com/jonhyman/em-resque.git
  revision: 62db265eaa2b03c3ce4ee3d674e6b7859f196ccc
  specs:
    em-resque (1.1.0)
      em-hiredis (~> 0.1.0)
      em-synchrony (~> 1.0.0)
      resque (~> 1.2)

GEM
  remote: https://rubygems.org/
  specs:
    em-hiredis (0.1.1)
      hiredis (~> 0.4.0)
    em-synchrony (1.0.3)
      eventmachine (>= 1.0.0.beta.1)
    eventmachine (1.0.3)
    haml (4.0.3)
      tilt
    hiredis (0.4.5)
    mono_logger (1.1.0)
    multi_json (1.7.7)
    rack (1.5.2)
    rack-protection (1.5.0)
      rack
    rake (10.1.0)
    redis (3.0.4)
    redis-namespace (1.3.0)
      redis (~> 3.0.0)
    resque (1.24.1)
      mono_logger (~> 1.0)
      multi_json (~> 1.0)
      redis-namespace (~> 1.2)
      sinatra (>= 0.9.2)
      vegas (~> 0.1.2)
    shotgun (0.9)
      rack (>= 1.0)
    sinatra (1.4.3)
      rack (~> 1.4)
      rack-protection (~> 1.4)
      tilt (~> 1.3, >= 1.3.4)
    tilt (1.4.1)
    vegas (0.1.11)
      rack (>= 1.0.0)

PLATFORMS
  ruby

DEPENDENCIES
  em-resque!
  haml
  hiredis
  rake
  shotgun
  sinatra
