GIT
  remote: git://github.com/alexkwolfe/em-synchrony.git
  revision: 331b91434d59bad705c75658e21086cfe383f5e5
  ref: 331b91434d59bad705c75658e21086cfe383f5e5
  specs:
    em-synchrony (1.0.3)
      eventmachine (>= 1.0.0.beta.1)

PATH
  remote: vendor/gems/em-resque
  specs:
    em-resque (1.1.0)
      em-hiredis (~> 0.1)
      em-synchrony (~> 1.0.0)
      resque (~> 1.2)

GEM
  remote: https://rubygems.org/
  specs:
    columnize (0.3.6)
    debugger (1.6.1)
      columnize (>= 0.3.1)
      debugger-linecache (~> 1.2.0)
      debugger-ruby_core_source (~> 1.2.3)
    debugger-linecache (1.2.0)
    debugger-ruby_core_source (1.2.3)
    em-hiredis (0.2.1)
      hiredis (~> 0.4.0)
    eventmachine (1.0.3)
    haml (4.0.3)
      tilt
    hiredis (0.4.5)
    mono_logger (1.1.0)
    multi_json (1.7.7)
    rack (1.5.2)
    rack-protection (1.5.0)
      rack
    rake (10.1.0)
    redis (3.0.4)
    redis-namespace (1.3.0)
      redis (~> 3.0.0)
    resque (1.24.1)
      mono_logger (~> 1.0)
      multi_json (~> 1.0)
      redis-namespace (~> 1.2)
      sinatra (>= 0.9.2)
      vegas (~> 0.1.2)
    shotgun (0.9)
      rack (>= 1.0)
    sinatra (1.4.3)
      rack (~> 1.4)
      rack-protection (~> 1.4)
      tilt (~> 1.3, >= 1.3.4)
    tilt (1.4.1)
    vegas (0.1.11)
      rack (>= 1.0.0)

PLATFORMS
  ruby

DEPENDENCIES
  debugger
  em-hiredis
  em-resque!
  em-synchrony!
  eventmachine
  haml
  hiredis
  rake
  shotgun
  sinatra
